GEM
  remote: https://rubygems.org/
  specs:
    minitest (5.8.4)
    mustermann (1.0.1)
    rack (2.0.3)
    rack-protection (2.0.0)
      rack
    sinatra (2.0.0)
      mustermann (~> 1.0)
      rack (~> 2.0)
      rack-protection (= 2.0.0)
      tilt (~> 2.0)
    tilt (2.0.8)

PLATFORMS
  ruby

DEPENDENCIES
  minitest
  sinatra

BUNDLED WITH
   1.11.2
